GEM
  remote: http://rubygems.org/
  specs:
    actionmailer (2.3.11)
      actionpack (= 2.3.11)
    actionpack (2.3.11)
      activesupport (= 2.3.11)
      rack (~> 1.1.0)
    activerecord (2.3.11)
      activesupport (= 2.3.11)
    activeresource (2.3.11)
      activesupport (= 2.3.11)
    activesupport (2.3.11)
    authlogic (2.1.6)
      activesupport
    cocaine (0.2.1)
    file-column (0.3.2)
    gemcutter (0.7.1)
    hoe (2.5.0)
      gemcutter (>= 0.2.1)
      rake (>= 0.8.7)
      rubyforge (>= 2.0.3)
    json_pure (1.7.5)
    mime-types (1.19)
    paginator (1.1.1)
      hoe (>= 1.6.0)
    paperclip (2.4.2)
      activerecord (>= 2.3.0)
      activesupport (>= 2.3.2)
      cocaine (>= 0.0.2)
      mime-types
    pg (0.14.0)
    rack (1.1.3)
    rails (2.3.11)
      actionmailer (= 2.3.11)
      actionpack (= 2.3.11)
      activerecord (= 2.3.11)
      activeresource (= 2.3.11)
      activesupport (= 2.3.11)
      rake (>= 0.8.3)
    rake (0.9.2.2)
    rubyforge (2.0.4)
      json_pure (>= 1.1.7)

PLATFORMS
  ruby

DEPENDENCIES
  authlogic (= 2.1.6)
  file-column (= 0.3.2)
  hoe (= 2.5.0)
  paginator
  paperclip (= 2.4.2)
  pg (= 0.14.0)
  rails (= 2.3.11)
